GEM
  remote: https://rubygems.org/
  specs:
    activesupport (7.0.3.1)
      concurrent-ruby (~> 1.0, >= 1.0.2)
      i18n (>= 1.6, < 2)
      minitest (>= 5.1)
      tzinfo (~> 2.0)
    autoprefixer-rails (9.3.1)
      execjs
    coffee-script (2.4.1)
      coffee-script-source
      execjs
    coffee-script-source (1.12.2)
    concurrent-ruby (1.1.10)
    dimensions (1.3.0)
    evil-front (0.5.1)
      i18n
      nokogiri (>= 1)
      rails-sass-images (>= 0.3)
      rubypants-unicode
      sass (>= 3.2.9)
      slim (>= 1.3.9)
      sprockets (>= 1)
      standalone_typograf (>= 3.0.1)
      unicode_utils (>= 1.4)
    execjs (2.7.0)
    ffi (1.9.25)
    i18n (1.12.0)
      concurrent-ruby (~> 1.0)
    jquery-cdn (3.3.1)
      sprockets (>= 2)
    json (2.1.0)
    libv8 (6.7.288.46.1)
    mime-types (3.2.2)
      mime-types-data (~> 3.2015)
    mime-types-data (3.2018.0812)
    mini_portile2 (2.3.0)
    mini_racer (0.2.4)
      libv8 (>= 6.3)
    minitest (5.16.2)
    mustermann (1.0.3)
    nokogiri (1.8.5)
      mini_portile2 (~> 2.3.0)
    r18n-core (3.2.0)
    rack (2.0.6)
    rack-protection (2.0.4)
      rack
    rails-sass-images (1.0.3)
      dimensions (> 0)
      mime-types (> 0)
      sass (> 0)
    rake (12.3.1)
    rb-fsevent (0.10.3)
    rb-inotify (0.9.10)
      ffi (>= 0.5.0, < 2)
    rubypants-unicode (0.2.5)
    sass (3.7.2)
      sass-listen (~> 4.0.0)
    sass-listen (4.0.0)
      rb-fsevent (~> 0.9, >= 0.9.4)
      rb-inotify (~> 0.9, >= 0.9.7)
    sinatra (2.0.4)
      mustermann (~> 1.0)
      rack (~> 2.0)
      rack-protection (= 2.0.4)
      tilt (~> 2.0)
    slim (4.0.1)
      temple (>= 0.7.6, < 0.9)
      tilt (>= 2.0.6, < 2.1)
    sprockets (3.7.2)
      concurrent-ruby (~> 1.0)
      rack (> 1, < 3)
    standalone_typograf (3.0.2)
      activesupport
    temple (0.8.0)
    tilt (2.0.9)
    tzinfo (2.0.5)
      concurrent-ruby (~> 1.0)
    uglifier (4.1.20)
      execjs (>= 0.3.0, < 3)
    unicode_utils (1.4.0)

PLATFORMS
  ruby

DEPENDENCIES
  autoprefixer-rails
  coffee-script
  evil-front
  jquery-cdn
  json
  mini_racer
  r18n-core
  rake
  sinatra
  uglifier

BUNDLED WITH
   1.17.1
